GEM
  remote: http://rubygems.org/
  specs:
    ansi (1.5.0)
    builder (3.2.2)
    faraday (0.8.8)
      multipart-post (~> 1.2.0)
    minitest (5.8.3)
    minitest-reporters (1.1.0)
      ansi
      builder
      minitest (>= 5.0)
      ruby-progressbar
    multipart-post (1.2.0)
    puma (2.15.3)
    rack (1.6.4)
    rack-protection (1.5.3)
      rack
    rack-test (0.6.3)
      rack (>= 1.0)
    ruby-progressbar (1.7.5)
    sinatra (1.4.6)
      rack (~> 1.4)
      rack-protection (~> 1.4)
      tilt (>= 1.3, < 3)
    tilt (2.0.2)

PLATFORMS
  ruby

DEPENDENCIES
  faraday (= 0.8.8)
  minitest
  minitest-reporters
  puma (= 2.15.3)
  rack-test
  sinatra (= 1.4.6)

BUNDLED WITH
   1.10.6
